GEM
  remote: https://rubygems.org/
  specs:
    kramdown (1.13.2)
    mdl (0.4.0)
      kramdown (~> 1.12, >= 1.12.0)
      mixlib-cli (~> 1.7, >= 1.7.0)
      mixlib-config (~> 2.2, >= 2.2.1)
    mixlib-cli (1.7.0)
    mixlib-config (2.2.4)
    rake (12.0.0)

PLATFORMS
  ruby

DEPENDENCIES
  mdl
  rake

BUNDLED WITH
   1.14.5
